PATH
  remote: .
  specs:
    collections (0.0.1)

GEM
  remote: https://rubygems.org/
  specs:
    minitest (5.11.3)
    rake (13.0.1)

PLATFORMS
  ruby

DEPENDENCIES
  bundler (~> 2.0)
  collections!
  minitest (~> 5.0)
  rake (~> 13.0)

BUNDLED WITH
   2.0.2
